PATH
  remote: .
  specs:
    dorian-all (0.5.4)

GEM
  remote: https://rubygems.org/
  specs:

PLATFORMS
  arm64-darwin-23
  ruby

DEPENDENCIES
  dorian-all!

RUBY VERSION
   ruby 3.3.0p0

BUNDLED WITH
   2.5.6
